GEM
  remote: https://rubygems.org/
  specs:
    addressable (2.3.5)
    faraday (0.8.9)
      multipart-post (~> 1.2.0)
    faraday_middleware (0.9.0)
      faraday (>= 0.7.4, < 0.9)
    json (1.8.1)
    multipart-post (1.2.0)
    redis (3.0.6)
    wayback (0.3.1)
      faraday (~> 0.8, < 0.10)
      faraday_middleware (~> 0.9, < 0.10)
      json (~> 1.8)

PLATFORMS
  ruby

DEPENDENCIES
  addressable (= 2.3.5)
  redis (= 3.0.6)
  wayback (= 0.3.1)
