GEM
  remote: https://rubygems.org/
  specs:
    faraday (0.8.7)
      multipart-post (~> 1.1)
    faraday_middleware (0.9.0)
      faraday (>= 0.7.4, < 0.9)
    multipart-post (1.2.0)
    redis (3.0.4)
    wayback (0.1.0)
      faraday (~> 0.8, < 0.10)
      faraday_middleware (~> 0.9, < 0.10)

PLATFORMS
  ruby

DEPENDENCIES
  redis (= 3.0.4)
  wayback (= 0.1.0)
